GEM
  remote: https://rubygems.org/
  specs:
    pg (0.18.4)
    rack (1.6.4)
    rack-cache (1.6.1)
      rack (>= 0.4)
    rack-protection (1.5.3)
      rack
    sinatra (1.4.7)
      rack (~> 1.5)
      rack-protection (~> 1.4)
      tilt (>= 1.3, < 3)
    tilt (2.0.5)

PLATFORMS
  ruby

DEPENDENCIES
  pg
  rack-cache
  sinatra

RUBY VERSION
   ruby 2.2.4p230

BUNDLED WITH
   1.12.5
