GEM
  remote: https://rubygems.org/
  specs:
    pg (0.18.4)
    rack (1.6.4)
    rack-cache (1.6.1)
      rack (>= 0.4)
    rack-mount (0.8.3)
      rack (>= 1.0.0)
    rack-protection (1.5.3)
      rack
    rdiscount (2.2.0.1)
    sinatra (1.4.7)
      rack (~> 1.5)
      rack-protection (~> 1.4)
      tilt (>= 1.3, < 3)
    tilt (2.0.5)

PLATFORMS
  ruby

DEPENDENCIES
  pg
  rack-cache
  rack-mount
  rdiscount
  sinatra

BUNDLED WITH
   1.12.5
